PATH
  remote: .
  specs:
    backup-kanbox (0.1.0)
      backup (>= 3.7.0)
      json (~> 1.8.0)
      kanbox (~> 0.0.2)
      oauth2 (~> 0.9.2)

GEM
  remote: https://rubygems.org/
  specs:
    activesupport (4.0.0)
      i18n (~> 0.6, >= 0.6.4)
      minitest (~> 4.2)
      multi_json (~> 1.3)
      thread_safe (~> 0.1)
      tzinfo (~> 0.3.37)
    atomic (1.1.14)
    backup (3.7.1)
      builder (= 3.2.2)
      dropbox-sdk (= 1.5.1)
      excon (= 0.25.3)
      faraday (= 0.8.7)
      fog (= 1.13.0)
      formatador (= 0.2.4)
      hipchat (= 0.11.0)
      httparty (= 0.11.0)
      json (= 1.8.0)
      mail (= 2.5.4)
      mime-types (= 1.23)
      multi_json (= 1.7.7)
      multi_xml (= 0.5.4)
      multipart-post (= 1.2.0)
      net-scp (= 1.1.2)
      net-sftp (= 2.1.2)
      net-ssh (= 2.6.8)
      nokogiri (= 1.5.10)
      open4 (= 1.3.0)
      polyglot (= 0.3.3)
      ruby-hmac (= 0.4.0)
      simple_oauth (= 0.2.0)
      thor (= 0.18.1)
      treetop (= 1.4.14)
      twitter (= 4.8.1)
    builder (3.2.2)
    diff-lcs (1.2.4)
    dropbox-sdk (1.5.1)
      json
    excon (0.25.3)
    faraday (0.8.7)
      multipart-post (~> 1.1)
    fog (1.13.0)
      builder
      excon (~> 0.25.0)
      formatador (~> 0.2.0)
      mime-types
      multi_json (~> 1.0)
      net-scp (~> 1.1)
      net-ssh (>= 2.1.3)
      nokogiri (~> 1.5.0)
      ruby-hmac
    formatador (0.2.4)
    hipchat (0.11.0)
      httparty
    httparty (0.11.0)
      multi_json (~> 1.0)
      multi_xml (>= 0.5.2)
    httpauth (0.2.0)
    i18n (0.6.5)
    json (1.8.0)
    jwt (0.1.8)
      multi_json (>= 1.5)
    kanbox (0.0.2)
      activesupport (>= 3.2.0)
      oauth2
      rest-client
    mail (2.5.4)
      mime-types (~> 1.16)
      treetop (~> 1.4.8)
    metaclass (0.0.1)
    mime-types (1.23)
    minitest (4.7.5)
    mocha (0.14.0)
      metaclass (~> 0.0.1)
    multi_json (1.7.7)
    multi_xml (0.5.4)
    multipart-post (1.2.0)
    net-scp (1.1.2)
      net-ssh (>= 2.6.5)
    net-sftp (2.1.2)
      net-ssh (>= 2.6.5)
    net-ssh (2.6.8)
    nokogiri (1.5.10)
    oauth2 (0.9.2)
      faraday (~> 0.8)
      httpauth (~> 0.2)
      jwt (~> 0.1.4)
      multi_json (~> 1.0)
      multi_xml (~> 0.5)
      rack (~> 1.2)
    open4 (1.3.0)
    polyglot (0.3.3)
    rack (1.5.2)
    rest-client (1.6.7)
      mime-types (>= 1.16)
    rspec (2.14.1)
      rspec-core (~> 2.14.0)
      rspec-expectations (~> 2.14.0)
      rspec-mocks (~> 2.14.0)
    rspec-core (2.14.5)
    rspec-expectations (2.14.2)
      diff-lcs (>= 1.1.3, < 2.0)
    rspec-mocks (2.14.3)
    ruby-hmac (0.4.0)
    simple_oauth (0.2.0)
    thor (0.18.1)
    thread_safe (0.1.3)
      atomic
    treetop (1.4.14)
      polyglot
      polyglot (>= 0.3.1)
    twitter (4.8.1)
      faraday (~> 0.8, < 0.10)
      multi_json (~> 1.0)
      simple_oauth (~> 0.2)
    tzinfo (0.3.37)

PLATFORMS
  ruby

DEPENDENCIES
  backup-kanbox!
  mocha
  rspec
